GEM
  remote: https://rubygems.org/
  specs:
    addressable (2.3.6)
    backports (3.6.0)
    celluloid (0.15.2)
      timers (~> 1.1.0)
    coderay (1.1.0)
    css_parser (1.3.5)
      addressable
    daemons (1.1.9)
    dotenv (0.11.1)
      dotenv-deployment (~> 0.0.2)
    dotenv-deployment (0.0.2)
    em-websocket (0.5.1)
      eventmachine (>= 0.12.9)
      http_parser.rb (~> 0.6.0)
    eventmachine (1.0.3)
    ffi (1.9.3)
    formatador (0.2.5)
    guard (2.6.1)
      formatador (>= 0.2.4)
      listen (~> 2.7)
      lumberjack (~> 1.0)
      pry (>= 0.9.12)
      thor (>= 0.18.1)
    guard-livereload (2.3.0)
      em-websocket (~> 0.5)
      guard (~> 2.0)
      multi_json (~> 1.8)
    hike (1.2.3)
    htmlentities (4.3.2)
    http_parser.rb (0.6.0)
    listen (2.7.9)
      celluloid (>= 0.15.2)
      rb-fsevent (>= 0.9.3)
      rb-inotify (>= 0.9)
    lumberjack (1.0.9)
    mail (2.6.1)
      mime-types (>= 1.16, < 3)
    method_source (0.8.2)
    mime-types (2.3)
    mini_portile (0.6.0)
    multi_json (1.10.1)
    nokogiri (1.6.3.1)
      mini_portile (= 0.6.0)
    pry (0.10.0)
      coderay (~> 1.1.0)
      method_source (~> 0.8.1)
      slop (~> 3.4)
    rack (1.5.2)
    rack-livereload (0.3.15)
      rack
    rack-protection (1.5.3)
      rack
    rack-test (0.6.2)
      rack (>= 1.0)
    rb-fsevent (0.9.4)
    rb-inotify (0.9.5)
      ffi (>= 0.5.0)
    roadie (3.0.0)
      css_parser (~> 1.3.4)
      nokogiri (~> 1.6.0)
    sass (3.3.14)
    sinatra (1.4.5)
      rack (~> 1.4)
      rack-protection (~> 1.4)
      tilt (~> 1.3, >= 1.3.4)
    sinatra-contrib (1.4.2)
      backports (>= 2.0)
      multi_json
      rack-protection
      rack-test
      sinatra (~> 1.4.0)
      tilt (~> 1.3)
    sinatra-partial (0.4.0)
      sinatra
    slop (3.6.0)
    sprockets (2.12.1)
      hike (~> 1.2)
      multi_json (~> 1.0)
      rack (~> 1.0)
      tilt (~> 1.1, != 1.3.0)
    sprockets-sass (1.2.0)
      sprockets (~> 2.0)
      tilt (~> 1.1)
    thin (1.6.2)
      daemons (>= 1.0.9)
      eventmachine (>= 1.0.0)
      rack (>= 1.0.0)
    thor (0.19.1)
    tilt (1.4.1)
    timers (1.1.0)

PLATFORMS
  ruby

DEPENDENCIES
  dotenv
  guard-livereload
  htmlentities
  mail
  nokogiri
  rack-livereload
  roadie
  sass
  sinatra
  sinatra-contrib
  sinatra-partial
  sprockets
  sprockets-sass
  thin
